PATH
  remote: .
  specs:
    ruby_tracer (0.2.0)

GEM
  remote: https://rubygems.org/
  specs:
    io-console (0.6.0)
    irb (1.6.2)
      reline (>= 0.3.0)
    language_server-protocol (3.17.0.3)
    power_assert (2.0.2)
    prettier_print (1.2.0)
    rake (13.0.6)
    reline (0.3.2)
      io-console (~> 0.5)
    ruby-lsp (0.3.8)
      language_server-protocol (~> 3.17.0)
      sorbet-runtime
      syntax_tree (>= 5.0.0, < 6)
    sorbet-runtime (0.5.10648)
    syntax_tree (5.3.0)
      prettier_print (>= 1.2.0)
    test-unit (3.5.5)
      power_assert

PLATFORMS
  arm64-darwin-21
  x86_64-linux

DEPENDENCIES
  irb
  rake (~> 13.0)
  ruby-lsp
  ruby_tracer!
  test-unit (~> 3.0)

BUNDLED WITH
   2.4.2
